GIT
  remote: git://github.com/middleman/middleman-syntax.git
  revision: 8874c7aca904c96589ccd2ee031082fc2df69f7d
  specs:
    middleman-syntax (2.0.0)
      middleman-core (~> 3.2)
      rouge (~> 1.0)

GIT
  remote: git://github.com/ngs/middleman-blog-similar.git
  revision: 1ec0c5d7852cbcad82994581162955b0b837e444
  ref: begin-rescue-tree-tagger
  specs:
    middleman-blog-similar (1.1.1)
      fast-stemmer (~> 1.0.2)
      middleman-blog (~> 3.5)
      middleman-core (~> 3.2)

GIT
  remote: git://github.com/ngs/middleman-google-analytics.git
  revision: 966f4d1e030b32b232766b753e2d4d34a4699dd9
  specs:
    middleman-google-analytics (1.0.0)
      middleman-core (~> 3.2)
      uglifier (~> 2.4.0)

GIT
  remote: git://github.com/ngs/middleman-ogp.git
  revision: 6eaacf9c9cd1cb086fda09a3d3d883ca67b24421
  branch: blog-support
  specs:
    middleman-ogp (1.0.4)
      middleman-core (~> 3.2)

GEM
  remote: http://rubygems.org/
  specs:
    activesupport (3.2.19)
      i18n (~> 0.6, >= 0.6.4)
      multi_json (~> 1.0)
    addressable (2.3.6)
    builder (3.2.2)
    chunky_png (1.3.1)
    coffee-script (2.2.0)
      coffee-script-source
      execjs
    coffee-script-source (1.7.0)
    compass (0.12.6)
      chunky_png (~> 1.2)
      fssm (>= 0.2.7)
      sass (~> 3.2.19)
    docile (1.1.3)
    dotenv (0.11.1)
      dotenv-deployment (~> 0.0.2)
    dotenv-deployment (0.0.2)
    em-websocket (0.5.1)
      eventmachine (>= 0.12.9)
      http_parser.rb (~> 0.6.0)
    eventmachine (1.0.3)
    execjs (1.4.0)
      multi_json (~> 1.0)
    fast-stemmer (1.0.2)
    favicon_maker (1.1.2)
      docile (~> 1.1.3)
      mini_magick (~> 3.7)
    ffi (1.1.5)
    fssm (0.2.10)
    gemoji (1.5.0)
    haml (4.0.5)
      tilt
    hike (1.2.3)
    http_parser.rb (0.6.0)
    i18n (0.6.11)
    jbuilder (2.2.6)
      activesupport (>= 3.0.0, < 5)
      multi_json (~> 1.2)
    json (1.8.1)
    kramdown (1.3.3)
    levenshtein-ffi (1.0.3)
      ffi
      ffi (~> 1.1.5)
    listen (1.3.1)
      rb-fsevent (>= 0.9.3)
      rb-inotify (>= 0.9)
      rb-kqueue (>= 0.2)
    middleman (3.2.2)
      coffee-script (~> 2.2.0)
      compass (>= 0.12.2)
      execjs (~> 1.4.0)
      haml (>= 3.1.6)
      kramdown (~> 1.2)
      middleman-core (= 3.2.2)
      middleman-sprockets (>= 3.1.2)
      sass (>= 3.1.20)
      uglifier (~> 2.4.0)
    middleman-blog (3.5.3)
      addressable (~> 2.3.5)
      middleman-core (~> 3.2)
      tzinfo (>= 0.3.0)
    middleman-core (3.2.2)
      activesupport (~> 3.2.6)
      bundler (~> 1.1)
      i18n (~> 0.6.9)
      listen (~> 1.1)
      rack (>= 1.4.5)
      rack-test (~> 0.6.1)
      thor (>= 0.15.2, < 2.0)
      tilt (~> 1.4.1)
    middleman-deploy (0.2.4)
      middleman-core (>= 3.0.0)
      net-sftp
      ptools
    middleman-disqus (0.0.3)
      middleman-core (>= 3.1.0)
    middleman-emoji (0.1.0)
      middleman-core (~> 3.2)
      rack-emoji (~> 0.1)
    middleman-favicon-maker (3.5.3)
      favicon_maker (~> 1.1.2)
      middleman-core (>= 3.0.0)
    middleman-livereload (3.3.3)
      em-websocket (~> 0.5.1)
      middleman-core (~> 3.2)
      rack-livereload (~> 0.3.15)
    middleman-sprockets (3.3.3)
      middleman-core (>= 3.2)
      sprockets (~> 2.2)
      sprockets-helpers (~> 1.1.0)
      sprockets-sass (~> 1.1.0)
    mini_magick (3.7.0)
      subexec (~> 0.2.1)
    mini_portile (0.6.0)
    multi_json (1.10.1)
    net-sftp (2.1.2)
      net-ssh (>= 2.6.5)
    net-ssh (2.9.1)
    nokogiri (1.6.2.1)
      mini_portile (= 0.6.0)
    ptools (1.2.4)
    rack (1.5.2)
    rack-emoji (0.1.0)
      gemoji (~> 1.5)
    rack-livereload (0.3.15)
      rack
    rack-test (0.6.2)
      rack (>= 1.0)
    rb-fsevent (0.9.4)
    rb-inotify (0.9.5)
      ffi (>= 0.5.0)
    rb-kqueue (0.2.3)
      ffi (>= 0.5.0)
    redcarpet (3.1.2)
    rouge (1.7.2)
    sass (3.2.19)
    slim (2.0.2)
      temple (~> 0.6.6)
      tilt (>= 1.3.3, < 2.1)
    sprockets (2.12.1)
      hike (~> 1.2)
      multi_json (~> 1.0)
      rack (~> 1.0)
      tilt (~> 1.1, != 1.3.0)
    sprockets-helpers (1.1.0)
      sprockets (~> 2.0)
    sprockets-sass (1.1.0)
      sprockets (~> 2.0)
      tilt (~> 1.1)
    subexec (0.2.3)
    temple (0.6.7)
    thor (0.19.1)
    thread_safe (0.3.4)
    tilt (1.4.1)
    tilt-jbuilder (0.6.1)
      jbuilder
      tilt (<= 1.5.0)
    tzinfo (1.2.0)
      thread_safe (~> 0.1)
    uglifier (2.4.0)
      execjs (>= 0.3.0)
      json (>= 1.8.0)

PLATFORMS
  ruby

DEPENDENCIES
  builder (~> 3.0)
  coffee-script
  dotenv
  jbuilder
  levenshtein-ffi
  middleman (~> 3.2.2)
  middleman-blog (~> 3.5.0)
  middleman-blog-similar!
  middleman-deploy
  middleman-disqus
  middleman-emoji
  middleman-favicon-maker (~> 3.5)
  middleman-google-analytics!
  middleman-livereload (~> 3.3.2)
  middleman-ogp!
  middleman-syntax!
  nokogiri
  redcarpet
  sass
  slim
  tilt-jbuilder
